GEM
  remote: https://rubygems.org/
  specs:
    webconsole (0.1.14)

PLATFORMS
  ruby

DEPENDENCIES
  webconsole

BUNDLED WITH
   1.10.6
