GEM
  remote: https://rubygems.org/
  specs:
    webconsole (0.2.0)

PLATFORMS
  ruby

DEPENDENCIES
  webconsole

RUBY VERSION
   ruby 2.3.7p456

BUNDLED WITH
   1.17.1
