GEM
  remote: https://rubygems.org/
  specs:
    webconsole (0.1.13)

PLATFORMS
  ruby

DEPENDENCIES
  webconsole
